GEM
  remote: https://rubygems.org/
  specs:
    byebug (11.1.3)
    httplog (1.4.3)
      rack (>= 1.0)
      rainbow (>= 2.0.0)
    mustermann (1.1.1)
      ruby2_keywords (~> 0.0.1)
    rack (2.2.3)
    rack-protection (2.1.0)
      rack
    rainbow (3.0.0)
    ruby2_keywords (0.0.4)
    sinatra (2.1.0)
      mustermann (~> 1.0)
      rack (~> 2.2)
      rack-protection (= 2.1.0)
      tilt (~> 2.0)
    tilt (2.0.10)

PLATFORMS
  x86_64-linux

DEPENDENCIES
  byebug
  httplog
  sinatra (~> 2.1)

BUNDLED WITH
   2.2.9
